PATH
  remote: .
  specs:
    lisp_on_ruby (0.0.1)
      thor

GEM
  remote: https://rubygems.org/
  specs:
    byebug (9.1.0)
    minitest (5.10.3)
    rake (10.5.0)
    thor (0.19.4)

PLATFORMS
  ruby

DEPENDENCIES
  bundler (~> 1)
  byebug
  lisp_on_ruby!
  minitest
  rake (~> 10.0)

BUNDLED WITH
   1.13.7
